PATH
  remote: .
  specs:
    rimage (0.1.0)

GEM
  remote: https://rubygems.org/
  specs:
    rake (13.1.0)
    rake-compiler (1.2.7)
      rake
    rb_sys (0.9.90)

PLATFORMS
  arm64-darwin-22

DEPENDENCIES
  rake (~> 13.0)
  rake-compiler
  rb_sys (~> 0.9.63)
  rimage!

BUNDLED WITH
   2.4.10
